PATH
  remote: .
  specs:
    ghostpoker (0.0.1)

GEM
  remote: https://rubygems.org/
  specs:
    awesome_print (1.2.0)
    diff-lcs (1.2.5)
    gosu (0.8.7.2)
    rake (10.4.2)
    rspec (3.2.0)
      rspec-core (~> 3.2.0)
      rspec-expectations (~> 3.2.0)
      rspec-mocks (~> 3.2.0)
    rspec-core (3.2.0)
      rspec-support (~> 3.2.0)
    rspec-expectations (3.2.0)
      diff-lcs (>= 1.2.0, < 2.0)
      rspec-support (~> 3.2.0)
    rspec-mocks (3.2.0)
      diff-lcs (>= 1.2.0, < 2.0)
      rspec-support (~> 3.2.0)
    rspec-support (3.2.1)
    thor (0.19.1)

PLATFORMS
  ruby

DEPENDENCIES
  awesome_print
  bundler (~> 1.7)
  ghostpoker!
  gosu
  rake (~> 10.0)
  rspec
  thor
